PATH
  remote: .
  specs:
    khetai (0.3.4)

GEM
  remote: https://rubygems.org/
  specs:
    rake (13.0.6)
    rake-compiler (1.1.9)
      rake

PLATFORMS
  ruby

DEPENDENCIES
  khetai!
  rake
  rake-compiler

BUNDLED WITH
   2.4.21
